GEM
  remote: https://rubygems.org/
  specs:
    coderay (1.1.0)
    ffi (1.9.8-java)
    jruby-rack (1.1.18)
    march_hare (2.9.0-java)
    method_source (0.8.2)
    pry (0.10.1-java)
      coderay (~> 1.1.0)
      method_source (~> 0.8.1)
      slop (~> 3.4)
      spoon (~> 0.0)
    rack (1.6.1)
    rack-protection (1.5.3)
      rack
    sinatra (1.4.6)
      rack (~> 1.4)
      rack-protection (~> 1.4)
      tilt (>= 1.3, < 3)
    slop (3.6.0)
    spoon (0.0.4)
      ffi
    tilt (2.0.1)
    trinidad (1.4.6)
      jruby-rack (~> 1.1.13)
      trinidad_jars (>= 1.3.0, < 1.5.0)
    trinidad_jars (1.4.1)

PLATFORMS
  java

DEPENDENCIES
  march_hare (~> 2.9.0)
  pry
  sinatra
  trinidad
